GIT
  remote: https://github.com/perrym5/dupe.git
  revision: c771d0a0241a15da6afe8f89778f1387950a3841
  specs:
    dupe (0.6.0)
      activeresource (>= 3.0.0)

GEM
  remote: http://rubygems.org/
  specs:
    activemodel (3.0.7)
      activesupport (= 3.0.7)
      builder (~> 2.1.2)
      i18n (~> 0.5.0)
    activeresource (3.0.7)
      activemodel (= 3.0.7)
      activesupport (= 3.0.7)
    activesupport (3.0.7)
    builder (2.1.2)
    diff-lcs (1.1.2)
    i18n (0.5.0)
    in_enumerable (1.0.0)
    rspec (2.6.0)
      rspec-core (~> 2.6.0)
      rspec-expectations (~> 2.6.0)
      rspec-mocks (~> 2.6.0)
    rspec-core (2.6.2)
    rspec-expectations (2.6.0)
      diff-lcs (~> 1.1.2)
    rspec-mocks (2.6.0)
    rubytree (0.8.1)

PLATFORMS
  ruby

DEPENDENCIES
  activeresource
  dupe!
  in_enumerable
  rspec
  rubytree
